GEM
  remote: https://rubygems.org/
  specs:
    RedCloth (4.2.9)
    actionmailer (2.1.1)
      actionpack (= 2.1.1)
    actionpack (2.1.1)
      activesupport (= 2.1.1)
    activerecord (2.1.1)
      activesupport (= 2.1.1)
    activeresource (2.1.1)
      activesupport (= 2.1.1)
    activesupport (2.1.1)
    haml (2.0.6)
    mysql (2.9.1)
    rails (2.1.1)
      actionmailer (= 2.1.1)
      actionpack (= 2.1.1)
      activerecord (= 2.1.1)
      activeresource (= 2.1.1)
      activesupport (= 2.1.1)
      rake (>= 0.8.1)
    rake (10.3.1)
    rmagick (2.13.1)
    sqlite3 (1.3.9)
    subdomain-fu (0.5.4)
    will_paginate (2.3.16)

PLATFORMS
  ruby

DEPENDENCIES
  RedCloth (= 4.2.9)
  haml (= 2.0.6)
  mysql
  rails (= 2.1.1)
  rmagick (= 2.13.1)
  sqlite3
  subdomain-fu
  will_paginate (= 2.3.16)
